STORAGE: NONE
RESTRICTION: == net6.0
NUGET
  remote: https://api.nuget.org/v3/index.json
    FSharp.Core (6.0.1)
    FsToolkit.ErrorHandling (2.13)
      FSharp.Core (>= 4.7.2)
